GEM
  remote: https://rubygems.org/
  specs:
    activemodel (5.0.2)
      activesupport (= 5.0.2)
    activerecord (5.0.2)
      activemodel (= 5.0.2)
      activesupport (= 5.0.2)
      arel (~> 7.0)
    activesupport (5.0.2)
      concurrent-ruby (~> 1.0, >= 1.0.2)
      i18n (~> 0.7)
      minitest (~> 5.1)
      tzinfo (~> 1.1)
    arel (7.1.4)
    bcrypt (3.1.11)
    concurrent-ruby (1.0.5)
    dotenv (2.2.0)
    figaro (1.1.1)
      thor (~> 0.14)
    httparty (0.14.0)
      multi_xml (>= 0.5.2)
    i18n (0.8.1)
    json (2.0.3)
    minitest (5.10.1)
    multi_xml (0.6.0)
    pg (0.20.0)
    rack (1.6.5)
    rack-protection (1.5.3)
      rack
    sinatra (1.4.8)
      rack (~> 1.5)
      rack-protection (~> 1.4)
      tilt (>= 1.3, < 3)
    sinatra-activerecord (2.0.13)
      activerecord (>= 3.2)
      sinatra (>= 1.0)
    thor (0.19.4)
    thread_safe (0.3.6)
    tilt (2.0.7)
    tzinfo (1.2.3)
      thread_safe (~> 0.1)
    wine_dot_com_api_request (0.1.0)

PLATFORMS
  ruby

DEPENDENCIES
  bcrypt
  dotenv
  figaro
  httparty
  json
  pg
  sinatra
  sinatra-activerecord
  wine_dot_com_api_request (~> 0.1.0)

BUNDLED WITH
   1.14.6
